GIT
  remote: http://github.com/intridea/oauth2.git
  revision: 17a618976b1df8b5898486cadfd0e9ac43966caf
  specs:
    oauth2 (0.1.0)
      faraday (~> 0.5.0)
      multi_json (~> 0.0.4)

GIT
  remote: http://github.com/plataformatec/devise.git
  revision: c42a86957ae3ce5955e9da2eaf604e1e3125693e
  branch: v1.2.oauth
  specs:
    devise (1.2.oauth)
      bcrypt-ruby (~> 2.1.2)
      orm_adapter (~> 0.0.2)
      warden (~> 1.0.0)

GEM
  remote: http://rubygems.org/
  remote: http://gems.github.com/
  specs:
    abstract (1.0.0)
    actionmailer (3.0.3)
      actionpack (= 3.0.3)
      mail (~> 2.2.9)
    actionpack (3.0.3)
      activemodel (= 3.0.3)
      activesupport (= 3.0.3)
      builder (~> 2.1.2)
      erubis (~> 2.6.6)
      i18n (~> 0.4)
      rack (~> 1.2.1)
      rack-mount (~> 0.6.13)
      rack-test (~> 0.5.6)
      tzinfo (~> 0.3.23)
    activemodel (3.0.3)
      activesupport (= 3.0.3)
      builder (~> 2.1.2)
      i18n (~> 0.4)
    activerecord (3.0.3)
      activemodel (= 3.0.3)
      activesupport (= 3.0.3)
      arel (~> 2.0.2)
      tzinfo (~> 0.3.23)
    activeresource (3.0.3)
      activemodel (= 3.0.3)
      activesupport (= 3.0.3)
    activesupport (3.0.3)
    addressable (2.2.2)
    arel (2.0.6)
    bcrypt-ruby (2.1.2)
    builder (2.1.2)
    configuration (1.2.0)
    daemons (1.0.10)
    devise_openid_authenticatable (1.0.0.alpha7)
      devise (>= 1.0.6)
      rack-openid (>= 1.2.0)
    erubis (2.6.6)
      abstract (>= 1.0.0)
    faraday (0.5.3)
      addressable (~> 2.2.2)
      multipart-post (~> 1.0.1)
      rack (>= 1.1.0, < 2)
    gem_plugin (0.2.3)
    geokit (1.5.0)
    geokit-rails3 (0.1.2)
      geokit (~> 1.5.0)
      rails (~> 3.0.0)
    heroku (1.14.6)
      json_pure (>= 1.2.0, < 1.5.0)
      launchy (~> 0.3.2)
      rest-client (>= 1.4.0, < 1.7.0)
    hoptoad_notifier (2.3.12)
      activesupport
      builder
    i18n (0.5.0)
    jquery-rails (0.2.6)
      rails (~> 3.0)
      thor (~> 0.14.4)
    json_pure (1.4.6)
    launchy (0.3.7)
      configuration (>= 0.0.5)
      rake (>= 0.8.1)
    mail (2.2.11)
      activesupport (>= 2.3.6)
      i18n (~> 0.5.0)
      mime-types (~> 1.16)
      treetop (~> 1.4.8)
    mime-types (1.16)
    mongrel (1.2.0.pre2)
      daemons (~> 1.0.10)
      gem_plugin (~> 0.2.3)
    multi_json (0.0.5)
    multipart-post (1.0.1)
    mysql (2.8.1)
    orm_adapter (0.0.3)
    polyglot (0.3.1)
    rack (1.2.1)
    rack-mount (0.6.13)
      rack (>= 1.0.0)
    rack-openid (1.2.0)
      rack (>= 1.1.0)
      ruby-openid (>= 2.1.8)
    rack-test (0.5.6)
      rack (>= 1.0)
    rails (3.0.3)
      actionmailer (= 3.0.3)
      actionpack (= 3.0.3)
      activerecord (= 3.0.3)
      activeresource (= 3.0.3)
      activesupport (= 3.0.3)
      bundler (~> 1.0)
      railties (= 3.0.3)
    railties (3.0.3)
      actionpack (= 3.0.3)
      activesupport (= 3.0.3)
      rake (>= 0.8.7)
      thor (~> 0.14.4)
    rake (0.8.7)
    rest-client (1.6.1)
      mime-types (>= 1.16)
    ruby-openid (2.1.8)
    thor (0.14.6)
    treetop (1.4.9)
      polyglot (>= 0.3.1)
    tzinfo (0.3.23)
    warden (1.0.2)
      rack (>= 1.0.0)

PLATFORMS
  ruby

DEPENDENCIES
  devise!
  devise_openid_authenticatable
  geokit-rails3
  heroku
  hoptoad_notifier
  jquery-rails
  mongrel (>= 1.2.0.pre2)
  mysql (= 2.8.1)
  oauth2!
  rails (> 3.0.0)
